GEM
  remote: https://rubygems.org/
  specs:
    aws-eventstream (1.1.0)
    aws-partitions (1.316.0)
    aws-sdk-core (3.96.0)
      aws-eventstream (~> 1, >= 1.0.2)
      aws-partitions (~> 1, >= 1.239.0)
      aws-sigv4 (~> 1.1)
      jmespath (~> 1.0)
    aws-sdk-lambda (1.39.0)
      aws-sdk-core (~> 3, >= 3.71.0)
      aws-sigv4 (~> 1.1)
    aws-sdk-xray (1.4.0)
      aws-sdk-core (~> 3)
      aws-sigv4 (~> 1.0)
    aws-sigv4 (1.1.3)
      aws-eventstream (~> 1.0, >= 1.0.2)
    aws-xray-sdk (0.11.4)
      aws-sdk-xray (~> 1.4.0)
      multi_json (~> 1)
    jmespath (1.4.0)
    multi_json (1.14.1)

PLATFORMS
  ruby

DEPENDENCIES
  aws-sdk-lambda (= 1.39.0)
  aws-xray-sdk (= 0.11.4)

BUNDLED WITH
   2.1.4
